PATH
  remote: .
  specs:
    callable_class (0.1.0)

GEM
  remote: https://rubygems.org/
  specs:
    ansi (1.5.0)
    ast (2.4.0)
    diff-lcs (1.3)
    docile (1.3.1)
    hirb (0.7.3)
    json (2.2.0)
    parallel (1.12.0)
    parser (2.5.1.0)
      ast (~> 2.4.0)
    powerpack (0.1.1)
    rainbow (2.2.2)
      rake
    rake (10.5.0)
    rspec (3.8.0)
      rspec-core (~> 3.8.0)
      rspec-expectations (~> 3.8.0)
      rspec-mocks (~> 3.8.0)
    rspec-core (3.8.0)
      rspec-support (~> 3.8.0)
    rspec-expectations (3.8.1)
      diff-lcs (>= 1.2.0, < 2.0)
      rspec-support (~> 3.8.0)
    rspec-mocks (3.8.0)
      diff-lcs (>= 1.2.0, < 2.0)
      rspec-support (~> 3.8.0)
    rspec-support (3.8.0)
    rubocop (0.54.0)
      parallel (~> 1.10)
      parser (>= 2.5)
      powerpack (~> 0.1)
      rainbow (>= 2.2.2, < 4.0)
      ruby-progressbar (~> 1.7)
      unicode-display_width (~> 1.0, >= 1.0.1)
    ruby-progressbar (1.9.0)
    simplecov (0.16.1)
      docile (~> 1.1)
      json (>= 1.8, < 3)
      simplecov-html (~> 0.10.0)
    simplecov-console (0.4.2)
      ansi
      hirb
      simplecov
    simplecov-html (0.10.2)
    unicode-display_width (1.3.3)

PLATFORMS
  ruby

DEPENDENCIES
  bundler (~> 1.16)
  callable_class!
  rake (~> 10.0)
  rspec (~> 3.0)
  rubocop
  simplecov
  simplecov-console

BUNDLED WITH
   1.16.2
